PATH
  remote: .
  specs:
    sinatra_gen (0.0.1)

GEM
  remote: https://rubygems.org/
  specs:

PLATFORMS
  ruby

DEPENDENCIES
  sinatra_gen!
